PATH
  remote: /Users/bdimchef/Documents/Projects/sproutcore/abbot
  specs:
    sproutcore (1.4.1)
      erubis (~> 2.6.6)
      extlib (~> 0.9.15)
      json_pure (~> 1.4.6)
      rack (~> 1.2.1)
      thin (~> 1.2.7)
      thor (~> 0.14.1)

GEM
  remote: http://rubygems.org/
  specs:
    abstract (1.0.0)
    coffee-script (1.0.0)
    columnize (0.3.1)
    daemons (1.1.0)
    erubis (2.6.6)
      abstract (>= 1.0.0)
    eventmachine (0.12.10)
    extlib (0.9.15)
    json_pure (1.4.6)
    linecache (0.43)
    rack (1.2.1)
    ruby-debug (0.10.3)
      columnize (>= 0.1)
      ruby-debug-base (~> 0.10.3.0)
    ruby-debug-base (0.10.3)
      linecache (>= 0.3)
    thin (1.2.7)
      daemons (>= 1.0.9)
      eventmachine (>= 0.12.6)
      rack (>= 1.0.0)
    thor (0.14.2)

PLATFORMS
  ruby

DEPENDENCIES
  coffee-script
  ruby-debug
  sproutcore!
